PATH
  remote: .
  specs:
    syntax_tree-slim (0.1.0)
      prettier_print
      syntax_tree

GEM
  remote: https://rubygems.org/
  specs:
    haml (6.0.12)
      temple (>= 0.8.2)
      thor
      tilt
    minitest (5.16.3)
    prettier_print (1.1.0)
    rake (13.0.6)
    rbs (2.8.1)
    syntax_tree (5.0.1)
      prettier_print (>= 1.1.0)
    syntax_tree-haml (2.0.0)
      haml (>= 5.2, != 6.0.0)
      prettier_print (>= 1.0.0)
      syntax_tree (>= 4.0.0)
    syntax_tree-rbs (0.5.1)
      prettier_print
      rbs
      syntax_tree (>= 2.0.1)
    temple (0.9.1)
    thor (1.2.1)
    tilt (2.0.11)

PLATFORMS
  arm64-darwin-21

DEPENDENCIES
  bundler
  minitest
  prettier_print (~> 1.1)
  rake
  syntax_tree (~> 5.0)
  syntax_tree-haml (~> 2.0)
  syntax_tree-rbs (~> 0.5.1)
  syntax_tree-slim!

BUNDLED WITH
   2.3.26
